GENERATE-LOAD-SCRIPTS: ON
RESTRICTION: || (== netcoreapp3.1) (== netstandard2.0)
NUGET
  remote: https://api.nuget.org/v3/index.json
    AccidentalFish.FSharp.Validation (0.10.1)
      FSharp.Core (>= 4.5.2)
    coverlet.collector (1.0.1)
    FluentValidation (8.6)
      System.ComponentModel.Annotations (>= 4.4.1)
    FSharp.Core (5.0)
    FSharpPlus (1.1)
      FSharp.Core (>= 4.6.2)
    Microsoft.CodeCoverage (16.4) - restriction: || (== netcoreapp3.1) (&& (== netstandard2.0) (>= net45)) (&& (== netstandard2.0) (>= netcoreapp2.1))
    Microsoft.NET.Test.Sdk (16.4)
      Microsoft.CodeCoverage (>= 16.4) - restriction: || (== netcoreapp3.1) (&& (== netstandard2.0) (>= net45)) (&& (== netstandard2.0) (>= netcoreapp2.1))
      Microsoft.TestPlatform.TestHost (>= 16.4) - restriction: || (== netcoreapp3.1) (&& (== netstandard2.0) (>= netcoreapp2.1))
    Microsoft.TestPlatform.ObjectModel (16.4) - restriction: || (== netcoreapp3.1) (&& (== netstandard2.0) (>= netcoreapp2.1))
      NuGet.Frameworks (>= 5.0)
    Microsoft.TestPlatform.TestHost (16.4) - restriction: || (== netcoreapp3.1) (&& (== netstandard2.0) (>= netcoreapp2.1))
      Microsoft.TestPlatform.ObjectModel (>= 16.4) - restriction: || (== netcoreapp3.1) (&& (== netstandard2.0) (>= netcoreapp2.1)) (&& (== netstandard2.0) (>= uap10.0))
      Newtonsoft.Json (>= 9.0.1) - restriction: || (== netcoreapp3.1) (&& (== netstandard2.0) (>= netcoreapp2.1)) (&& (== netstandard2.0) (>= uap10.0))
    Newtonsoft.Json (12.0.3) - restriction: || (== netcoreapp3.1) (&& (== netstandard2.0) (>= netcoreapp2.1))
    NuGet.Frameworks (5.4) - restriction: || (== netcoreapp3.1) (&& (== netstandard2.0) (>= netcoreapp2.1))
    System.ComponentModel.Annotations (4.7)
    xunit (2.4)
      xunit.analyzers (>= 0.10)
      xunit.assert (2.4)
      xunit.core (2.4)
    xunit.abstractions (2.0.3)
    xunit.analyzers (0.10)
    xunit.assert (2.4)
    xunit.core (2.4)
      xunit.extensibility.core (2.4)
      xunit.extensibility.execution (2.4)
    xunit.extensibility.core (2.4)
      xunit.abstractions (>= 2.0.2)
    xunit.extensibility.execution (2.4)
      xunit.extensibility.core (2.4)
    xunit.runner.visualstudio (2.4)
      Microsoft.NET.Test.Sdk (>= 15.0) - restriction: || (== netcoreapp3.1) (&& (== netstandard2.0) (>= netcoreapp1.0))
