GENERATE-LOAD-SCRIPTS: OFF
RESTRICTION: || (== net7.0) (== netstandard2.0)
NUGET
  remote: https://api.nuget.org/v3/index.json
    AccidentalFish.FSharp.Validation (0.10.1)
      FSharp.Core (>= 4.5.2)
    coverlet.collector (1.0.1)
    FluentValidation (11.8)
      System.Threading.Tasks.Extensions (>= 4.5.4) - restriction: || (&& (== net7.0) (< netstandard2.1)) (== netstandard2.0)
    FluentValidation.AspNetCore (11.3)
      FluentValidation (>= 11.5.1) - restriction: || (== net7.0) (&& (== netstandard2.0) (>= netcoreapp3.1))
      FluentValidation.DependencyInjectionExtensions (>= 11.5.1) - restriction: || (== net7.0) (&& (== netstandard2.0) (>= netcoreapp3.1))
    FluentValidation.DependencyInjectionExtensions (11.8)
      FluentValidation (>= 11.8)
      Microsoft.Extensions.DependencyInjection.Abstractions (>= 2.1)
    FSharp.Core (7.0.401)
    FSharpPlus (1.2)
      FSharp.Core (>= 4.6.2)
    MediatR (12.1.1) - restriction: || (== net7.0) (&& (== netstandard2.0) (>= netstandard2.1))
      MediatR.Contracts (>= 2.0.1 < 3.0)
      Microsoft.Extensions.DependencyInjection.Abstractions (>= 6.0)
    MediatR.Contracts (2.0.1) - restriction: || (== net7.0) (&& (== netstandard2.0) (>= netstandard2.1))
    MediatR.Extensions.Microsoft.DependencyInjection (11.0)
      MediatR (>= 11.0) - restriction: || (== net7.0) (&& (== netstandard2.0) (>= netstandard2.1))
      Microsoft.Extensions.DependencyInjection.Abstractions (>= 6.0) - restriction: || (== net7.0) (&& (== netstandard2.0) (>= netstandard2.1))
    Microsoft.Bcl.AsyncInterfaces (6.0) - restriction: || (&& (== net7.0) (>= net461)) (&& (== net7.0) (< netstandard2.1)) (== netstandard2.0)
      System.Threading.Tasks.Extensions (>= 4.5.4) - restriction: || (&& (== net7.0) (>= net461)) (&& (== net7.0) (< netstandard2.1)) (== netstandard2.0)
    Microsoft.CodeCoverage (17.7.2) - restriction: || (== net7.0) (&& (== netstandard2.0) (>= net462)) (&& (== netstandard2.0) (>= netcoreapp3.1))
    Microsoft.Extensions.DependencyInjection.Abstractions (6.0)
      Microsoft.Bcl.AsyncInterfaces (>= 6.0) - restriction: || (&& (== net7.0) (>= net461)) (&& (== net7.0) (< netstandard2.1)) (== netstandard2.0)
      System.Threading.Tasks.Extensions (>= 4.5.4) - restriction: || (&& (== net7.0) (>= net461)) (&& (== net7.0) (< netstandard2.1)) (== netstandard2.0)
    Microsoft.NET.Test.Sdk (17.7.2)
      Microsoft.CodeCoverage (>= 17.7.2) - restriction: || (== net7.0) (&& (== netstandard2.0) (>= net462)) (&& (== netstandard2.0) (>= netcoreapp3.1))
      Microsoft.TestPlatform.TestHost (>= 17.7.2) - restriction: || (== net7.0) (&& (== netstandard2.0) (>= netcoreapp3.1))
    Microsoft.TestPlatform.ObjectModel (17.7.2) - restriction: || (== net7.0) (&& (== netstandard2.0) (>= netcoreapp3.1))
      NuGet.Frameworks (>= 6.5)
      System.Reflection.Metadata (>= 1.6)
    Microsoft.TestPlatform.TestHost (17.7.2) - restriction: || (== net7.0) (&& (== netstandard2.0) (>= netcoreapp3.1))
      Microsoft.TestPlatform.ObjectModel (>= 17.7.2) - restriction: || (== net7.0) (&& (== netstandard2.0) (>= netcoreapp3.1))
      Newtonsoft.Json (>= 13.0.1) - restriction: || (== net7.0) (&& (== netstandard2.0) (>= netcoreapp3.1))
    Newtonsoft.Json (13.0.3) - restriction: || (== net7.0) (&& (== netstandard2.0) (>= netcoreapp3.1))
    NuGet.Frameworks (6.7) - restriction: || (== net7.0) (&& (== netstandard2.0) (>= netcoreapp3.1))
    OneOf (3.0.263)
    System.Collections.Immutable (6.0) - restriction: || (== net7.0) (&& (== netstandard2.0) (>= netcoreapp3.1))
      System.Runtime.CompilerServices.Unsafe (>= 6.0)
    System.ComponentModel.Annotations (5.0)
    System.Reflection.Metadata (6.0) - restriction: || (== net7.0) (&& (== netstandard2.0) (>= netcoreapp3.1))
      System.Collections.Immutable (>= 6.0)
    System.Runtime.CompilerServices.Unsafe (6.0)
    System.Threading.Tasks.Extensions (4.5.4) - restriction: || (&& (== net7.0) (>= net461)) (&& (== net7.0) (< netstandard2.1)) (== netstandard2.0)
      System.Runtime.CompilerServices.Unsafe (>= 4.5.3) - restriction: || (&& (== net7.0) (>= net461)) (&& (== net7.0) (< netcoreapp2.1)) (&& (== net7.0) (< netstandard1.0)) (&& (== net7.0) (< netstandard2.0)) (&& (== net7.0) (>= wp8)) (== netstandard2.0)
    xunit (2.4)
      xunit.analyzers (>= 0.10)
      xunit.assert (2.4)
      xunit.core (2.4)
    xunit.abstractions (2.0.3)
    xunit.analyzers (0.10)
    xunit.assert (2.4)
    xunit.core (2.4)
      xunit.extensibility.core (2.4)
      xunit.extensibility.execution (2.4)
    xunit.extensibility.core (2.4)
      xunit.abstractions (>= 2.0.2)
    xunit.extensibility.execution (2.4)
      xunit.extensibility.core (2.4)
    xunit.runner.visualstudio (2.4)
      Microsoft.NET.Test.Sdk (>= 15.0) - restriction: || (== net7.0) (&& (== netstandard2.0) (>= netcoreapp1.0))
