GENERATE-LOAD-SCRIPTS: ON
RESTRICTION: == netstandard2.0
NUGET
  remote: https://api.nuget.org/v3/index.json
    AccidentalFish.FSharp.Validation (0.10.1)
      FSharp.Core (>= 4.5.2)
    FluentValidation (8.6)
      System.ComponentModel.Annotations (>= 4.4.1)
    FSharp.Core (4.7)
    FSharpPlus (1.1.0-CI00272)
      FSharp.Core (>= 4.6.2)
    System.ComponentModel.Annotations (4.7)
