GENERATE-LOAD-SCRIPTS: ON
RESTRICTION: || (== net6.0) (== netstandard2.0)
NUGET
  remote: https://api.nuget.org/v3/index.json
    AccidentalFish.FSharp.Validation (0.10.1)
      FSharp.Core (>= 4.5.2)
    coverlet.collector (1.0.1)
    FluentValidation (10.3.6)
    FluentValidation.AspNetCore (10.3.6)
      FluentValidation (>= 10.3.6) - restriction: || (== net6.0) (&& (== netstandard2.0) (>= netcoreapp3.1))
      FluentValidation.DependencyInjectionExtensions (>= 10.3.6) - restriction: || (== net6.0) (&& (== netstandard2.0) (>= netcoreapp3.1))
    FluentValidation.DependencyInjectionExtensions (10.3.6)
      FluentValidation (>= 10.3.6)
      Microsoft.Extensions.DependencyInjection.Abstractions (>= 2.1)
    FSharp.Core (6.0.3)
    FSharpPlus (1.2)
      FSharp.Core (>= 4.6.2)
    MediatR (10.0.1) - restriction: || (== net6.0) (&& (== netstandard2.0) (>= netstandard2.1))
      MediatR.Contracts (>= 1.0.1) - restriction: || (== net6.0) (&& (== netstandard2.0) (>= netstandard2.1))
    MediatR.Contracts (1.0.1) - restriction: || (== net6.0) (&& (== netstandard2.0) (>= netstandard2.1))
    MediatR.Extensions.Microsoft.DependencyInjection (10.0.1)
      MediatR (>= 10.0.1) - restriction: || (== net6.0) (&& (== netstandard2.0) (>= netstandard2.1))
      Microsoft.Extensions.DependencyInjection.Abstractions (>= 6.0) - restriction: || (== net6.0) (&& (== netstandard2.0) (>= netstandard2.1))
    Microsoft.Bcl.AsyncInterfaces (6.0) - restriction: || (&& (== net6.0) (>= net461)) (&& (== net6.0) (< netstandard2.1)) (== netstandard2.0)
      System.Threading.Tasks.Extensions (>= 4.5.4) - restriction: || (&& (== net6.0) (>= net461)) (&& (== net6.0) (< netstandard2.1)) (== netstandard2.0)
    Microsoft.CodeCoverage (17.1) - restriction: || (== net6.0) (&& (== netstandard2.0) (>= net45)) (&& (== netstandard2.0) (>= netcoreapp1.0))
    Microsoft.Extensions.DependencyInjection.Abstractions (6.0)
      Microsoft.Bcl.AsyncInterfaces (>= 6.0) - restriction: || (&& (== net6.0) (>= net461)) (&& (== net6.0) (< netstandard2.1)) (== netstandard2.0)
      System.Threading.Tasks.Extensions (>= 4.5.4) - restriction: || (&& (== net6.0) (>= net461)) (&& (== net6.0) (< netstandard2.1)) (== netstandard2.0)
    Microsoft.NET.Test.Sdk (17.1)
      Microsoft.CodeCoverage (>= 17.1) - restriction: || (== net6.0) (&& (== netstandard2.0) (>= net45)) (&& (== netstandard2.0) (>= netcoreapp1.0))
      Microsoft.TestPlatform.TestHost (>= 17.1) - restriction: || (== net6.0) (&& (== netstandard2.0) (>= netcoreapp1.0))
    Microsoft.TestPlatform.ObjectModel (17.1) - restriction: || (== net6.0) (&& (== netstandard2.0) (>= netcoreapp1.0))
      NuGet.Frameworks (>= 5.11)
      System.Reflection.Metadata (>= 1.6)
    Microsoft.TestPlatform.TestHost (17.1) - restriction: || (== net6.0) (&& (== netstandard2.0) (>= netcoreapp1.0))
      Microsoft.TestPlatform.ObjectModel (>= 17.1) - restriction: || (== net6.0) (&& (== netstandard2.0) (>= netcoreapp1.0)) (&& (== netstandard2.0) (>= uap10.0))
      Newtonsoft.Json (>= 9.0.1) - restriction: || (== net6.0) (&& (== netstandard2.0) (>= netcoreapp1.0)) (&& (== netstandard2.0) (>= uap10.0))
    Newtonsoft.Json (12.0.3) - restriction: || (== net6.0) (&& (== netstandard2.0) (>= netcoreapp1.0))
    NuGet.Frameworks (6.0) - restriction: || (== net6.0) (&& (== netstandard2.0) (>= netcoreapp1.0)) (&& (== netstandard2.0) (>= netcoreapp2.1))
    OneOf (3.0.211)
    System.Collections.Immutable (6.0) - restriction: || (== net6.0) (&& (== netstandard2.0) (>= netcoreapp1.0)) (&& (== netstandard2.0) (>= netcoreapp2.1))
      System.Runtime.CompilerServices.Unsafe (>= 6.0)
    System.ComponentModel.Annotations (5.0)
    System.Reflection.Metadata (6.0) - restriction: || (== net6.0) (&& (== netstandard2.0) (>= netcoreapp1.0)) (&& (== netstandard2.0) (>= netcoreapp2.1))
      System.Collections.Immutable (>= 6.0)
    System.Runtime.CompilerServices.Unsafe (6.0)
    System.Threading.Tasks.Extensions (4.5.4) - restriction: || (&& (== net6.0) (>= net461)) (&& (== net6.0) (< netstandard2.1)) (== netstandard2.0)
      System.Runtime.CompilerServices.Unsafe (>= 4.5.3) - restriction: || (&& (== net6.0) (>= net461)) (&& (== net6.0) (< netcoreapp2.1)) (&& (== net6.0) (< netstandard1.0)) (&& (== net6.0) (< netstandard2.0)) (&& (== net6.0) (>= wp8)) (== netstandard2.0)
    xunit (2.4)
      xunit.analyzers (>= 0.10)
      xunit.assert (2.4)
      xunit.core (2.4)
    xunit.abstractions (2.0.3)
    xunit.analyzers (0.10)
    xunit.assert (2.4)
    xunit.core (2.4)
      xunit.extensibility.core (2.4)
      xunit.extensibility.execution (2.4)
    xunit.extensibility.core (2.4)
      xunit.abstractions (>= 2.0.2)
    xunit.extensibility.execution (2.4)
      xunit.extensibility.core (2.4)
    xunit.runner.visualstudio (2.4)
      Microsoft.NET.Test.Sdk (>= 15.0) - restriction: || (== net6.0) (&& (== netstandard2.0) (>= netcoreapp1.0))
